PATH
  remote: .
  specs:
    galetahub-freshdesk (0.1.0)
      httparty

GEM
  remote: https://rubygems.org/
  specs:
    diff-lcs (1.4.4)
    httparty (0.20.0)
      mime-types (~> 3.0)
      multi_xml (>= 0.5.2)
    mime-types (3.3.1)
      mime-types-data (~> 3.2015)
    mime-types-data (3.2021.0901)
    multi_xml (0.6.0)
    rake (10.5.0)
    rspec (3.10.0)
      rspec-core (~> 3.10.0)
      rspec-expectations (~> 3.10.0)
      rspec-mocks (~> 3.10.0)
    rspec-core (3.10.1)
      rspec-support (~> 3.10.0)
    rspec-expectations (3.10.1)
      diff-lcs (>= 1.2.0, < 2.0)
      rspec-support (~> 3.10.0)
    rspec-mocks (3.10.2)
      diff-lcs (>= 1.2.0, < 2.0)
      rspec-support (~> 3.10.0)
    rspec-support (3.10.2)

PLATFORMS
  x86_64-linux

DEPENDENCIES
  bundler (~> 2.0)
  galetahub-freshdesk!
  rake (~> 10.0)
  rspec (~> 3.0)

BUNDLED WITH
   2.2.26
